GIT
  remote: git://github.com/CocoaPods/CocoaPods.git
  revision: 003f92e80f23a8e732ddb10bc7af4dc0f4c89e50
  branch: xcode-5-support
  specs:
    cocoapods (0.24.0)
      activesupport (~> 3.0)
      claide (~> 0.3.2)
      cocoapods-core (= 0.24.0)
      cocoapods-downloader (~> 0.2.0)
      colored (~> 1.2)
      escape (~> 0.0.4)
      json (~> 1.8)
      open4 (~> 1.3)
      xcodeproj (~> 0.10.0)

GEM
  specs:
    activesupport (3.2.14)
      i18n (~> 0.6, >= 0.6.4)
      multi_json (~> 1.0)
    claide (0.3.2)
    cocoapods-core (0.24.0)
      activesupport (~> 3.0)
      json (~> 1.8)
      nap (~> 0.5)
    cocoapods-downloader (0.2.0)
    colored (1.2)
    escape (0.0.4)
    i18n (0.6.5)
    json (1.8.0)
    multi_json (1.8.0)
    nap (0.5.1)
    open4 (1.3.0)
    xcodeproj (0.10.1)
      activesupport (~> 3.0)
      colored (~> 1.2)

PLATFORMS
  ruby

DEPENDENCIES
  cocoapods!
